GEM
  remote: https://rubygems.org/
  specs:
    braintree (2.23.0)
      builder (>= 2.0.0)
    builder (3.2.1)
    gosu (0.7.47.1)

PLATFORMS
  ruby

DEPENDENCIES
  braintree (= 2.23.0)
  gosu (= 0.7.47.1)
